PATH
  remote: .
  specs:
    rb2019 (0.1.0)

GEM
  remote: https://rubygems.org/
  specs:
    addressable (2.7.0)
      public_suffix (>= 2.0.2, < 5.0)
    aws-eventstream (1.0.3)
    aws-partitions (1.238.0)
    aws-sdk-core (3.76.0)
      aws-eventstream (~> 1.0, >= 1.0.2)
      aws-partitions (~> 1, >= 1.228.0)
      aws-sigv4 (~> 1.1)
      jmespath (~> 1.0)
    aws-sdk-xray (1.4.0)
      aws-sdk-core (~> 3)
      aws-sigv4 (~> 1.0)
    aws-sigv4 (1.1.0)
      aws-eventstream (~> 1.0, >= 1.0.2)
    aws-xray-sdk (0.11.3)
      aws-sdk-xray (~> 1.4.0)
      multi_json (~> 1)
    backports (3.15.0)
    childprocess (1.0.1)
      rake (< 13.0)
    crack (0.4.3)
      safe_yaml (~> 1.0.0)
    daemons (1.3.1)
    diff-lcs (1.3)
    docile (1.1.5)
    dotenv (2.7.5)
    eventmachine (1.2.7)
    ffi (1.11.1)
    hashdiff (1.0.0)
    jmespath (1.4.0)
    json (2.2.0)
    multi_json (1.14.0)
    mustermann (1.0.3)
    ordinare (0.4.0)
    os (1.0.1)
    public_suffix (4.0.1)
    rack (2.0.7)
    rack-protection (2.0.7)
      rack
    rake (10.5.0)
    rspec (3.8.0)
      rspec-core (~> 3.8.0)
      rspec-expectations (~> 3.8.0)
      rspec-mocks (~> 3.8.0)
    rspec-core (3.8.2)
      rspec-support (~> 3.8.0)
    rspec-expectations (3.8.5)
      diff-lcs (>= 1.2.0, < 2.0)
      rspec-support (~> 3.8.0)
    rspec-mocks (3.8.2)
      diff-lcs (>= 1.2.0, < 2.0)
      rspec-support (~> 3.8.0)
    rspec-support (3.8.3)
    safe_yaml (1.0.5)
    screen-recorder (1.3.0)
      childprocess (~> 1.0)
      os (~> 1.0.0)
      streamio-ffmpeg (~> 3.0)
    simplecov (0.12.0)
      docile (~> 1.1.0)
      json (>= 1.8, < 3)
      simplecov-html (~> 0.10.0)
    simplecov-html (0.10.2)
    sinatra (2.0.7)
      mustermann (~> 1.0)
      rack (~> 2.0)
      rack-protection (= 2.0.7)
      tilt (~> 2.0)
    sinatra-contrib (2.0.7)
      backports (>= 2.8.2)
      multi_json
      mustermann (~> 1.0)
      rack-protection (= 2.0.7)
      sinatra (= 2.0.7)
      tilt (~> 2.0)
    streamio-ffmpeg (3.0.2)
      multi_json (~> 1.8)
    thin (1.7.2)
      daemons (~> 1.0, >= 1.0.9)
      eventmachine (~> 1.0, >= 1.0.4)
      rack (>= 1, < 3)
    tilt (2.0.10)
    vcr (5.0.0)
    webmock (3.7.6)
      addressable (>= 2.3.6)
      crack (>= 0.3.2)
      hashdiff (>= 0.4.0, < 2.0.0)

PLATFORMS
  ruby

DEPENDENCIES
  aws-xray-sdk
  bundler (~> 1.17)
  dotenv
  ffi
  ordinare
  rake (~> 10.0)
  rb2019!
  rspec (~> 3.0)
  screen-recorder (= 1.3.0)
  simplecov (~> 0.12.0)
  sinatra
  sinatra-contrib
  thin
  vcr (= 5.0.0)
  webmock (= 3.7.6)

BUNDLED WITH
   1.17.2
